GIT
  remote: git@github.umn.edu:Libraries/capistrano-umnlib-common.git
  revision: 6464c9b1b3c3b1dfc8ffa05a1066365324c154ed
  branch: master
  specs:
    capistrano-umnlib-common (1.0.0)
      capistrano (~> 3.4)

GEM
  remote: https://rubygems.org/
  specs:
    airbrussh (1.5.3)
      sshkit (>= 1.6.1, != 1.7.0)
    base64 (0.2.0)
    bcrypt_pbkdf (1.1.1)
    capistrano (3.18.1)
      airbrussh (>= 1.0.0)
      i18n
      rake (>= 10.0.0)
      sshkit (>= 1.9.0)
    capistrano-npm (1.0.3)
      capistrano (>= 3.0.0)
    capistrano-passenger (0.0.2)
      capistrano (~> 3.0)
    concurrent-ruby (1.3.4)
    ed25519 (1.3.0)
    i18n (1.14.6)
      concurrent-ruby (~> 1.0)
    net-scp (4.0.0)
      net-ssh (>= 2.6.5, < 8.0.0)
    net-sftp (4.0.0)
      net-ssh (>= 5.0.0, < 8.0.0)
    net-ssh (7.3.0)
    ostruct (0.6.1)
    rake (13.2.1)
    sshkit (1.23.2)
      base64
      net-scp (>= 1.1.2)
      net-sftp (>= 2.1.2)
      net-ssh (>= 2.8.0)
      ostruct

PLATFORMS
  ruby

DEPENDENCIES
  bcrypt_pbkdf (~> 1.1)
  capistrano (~> 3.18.0)
  capistrano-npm
  capistrano-passenger (= 0.0.2)
  capistrano-umnlib-common (>= 1.0.0)!
  ed25519 (~> 1.3)

BUNDLED WITH
   1.17.2
