GIT
  remote: git@github.umn.edu:Libraries/capistrano-umnlib-common.git
  revision: 6464c9b1b3c3b1dfc8ffa05a1066365324c154ed
  branch: master
  specs:
    capistrano-umnlib-common (1.0.0)
      capistrano (~> 3.4)

GEM
  remote: https://rubygems.org/
  specs:
    airbrussh (1.3.0)
      sshkit (>= 1.6.1, != 1.7.0)
    bcrypt_pbkdf (1.1.0)
    capistrano (3.11.0)
      airbrussh (>= 1.0.0)
      i18n
      rake (>= 10.0.0)
      sshkit (>= 1.9.0)
    capistrano-npm (1.0.1)
      capistrano (>= 3.0.0)
    capistrano-passenger (0.0.2)
      capistrano (~> 3.0)
    concurrent-ruby (1.0.5)
    ed25519 (1.3.0)
    i18n (1.1.1)
      concurrent-ruby (~> 1.0)
    net-scp (1.2.1)
      net-ssh (>= 2.6.5)
    net-ssh (5.0.2)
    rake (13.0.1)
    sshkit (1.18.0)
      net-scp (>= 1.1.2)
      net-ssh (>= 2.8.0)

PLATFORMS
  ruby

DEPENDENCIES
  bcrypt_pbkdf (~> 1.1)
  capistrano (~> 3.11.0)
  capistrano-npm
  capistrano-passenger (= 0.0.2)
  capistrano-umnlib-common (>= 1.0.0)!
  ed25519 (~> 1.3)

BUNDLED WITH
   1.17.2
